GEM
  remote: https://rubygems.org/
  specs:
    addressable (2.8.0)
      public_suffix (>= 2.0.2, < 5.0)
    blankslate (2.1.2.4)
    css_parser (1.4.5)
      addressable
    gli (1.6.0)
    json (2.3.1)
    mini_portile2 (2.8.1)
    nokogiri (1.14.3)
      mini_portile2 (~> 2.8.0)
      racc (~> 1.4)
    parade (0.10.2)
      blankslate (= 2.1.2.4)
      css_parser
      gli (~> 1.6.0)
      json
      nokogiri
      parslet (= 1.4.0)
      redcarpet
      rouge (= 0.2.14)
      sinatra (~> 1.3)
    parslet (1.4.0)
      blankslate (~> 2.0)
    pdfkit (0.8.7.2)
    public_suffix (4.0.6)
    racc (1.6.2)
    rack (1.6.12)
    rack-protection (1.5.5)
      rack
    redcarpet (3.5.1)
    rmagick (2.16.0)
    rouge (0.2.14)
      thor
    sinatra (1.4.7)
      rack (~> 1.5)
      rack-protection (~> 1.4)
      tilt (>= 1.3, < 3)
    thor (0.19.1)
    tilt (2.0.5)
    wkhtmltopdf-binary (0.12.3)

PLATFORMS
  ruby

DEPENDENCIES
  parade
  pdfkit
  rmagick
  wkhtmltopdf-binary

BUNDLED WITH
   1.13.2
