GEM
  remote: http://rubygems.org/
  specs:
    blankslate (2.1.2.4)
    bluecloth (2.2.0)
    gli (2.0.0)
    json (2.3.1)
    mini_portile2 (2.8.0)
    mustermann (1.0.3)
    nokogiri (1.13.4)
      mini_portile2 (~> 2.8.0)
      racc (~> 1.4)
    parslet (1.4.0)
      blankslate (~> 2.0)
    racc (1.6.0)
    rack (2.2.3)
    rack-protection (2.0.7)
      rack
    showoff (0.7.0)
      bluecloth
      gli (>= 1.3.2)
      json
      nokogiri
      parslet
      sinatra
    sinatra (2.0.7)
      mustermann (~> 1.0)
      rack (~> 2.0)
      rack-protection (= 2.0.7)
      tilt (~> 2.0)
    tilt (2.0.10)

PLATFORMS
  ruby

DEPENDENCIES
  showoff
