GEM
  remote: https://rubygems.org/
  specs:
    addressable (2.8.7)
      public_suffix (>= 2.0.2, < 7.0)
    blankslate (2.1.2.4)
    css_parser (1.21.0)
      addressable
    gli (1.6.0)
    json (2.9.1)
    mini_portile2 (2.8.8)
    nokogiri (1.18.1)
      mini_portile2 (~> 2.8.2)
      racc (~> 1.4)
    observer (0.1.2)
    parade (0.10.2)
      blankslate (= 2.1.2.4)
      css_parser
      gli (~> 1.6.0)
      json
      nokogiri
      parslet (= 1.4.0)
      redcarpet
      rouge (= 0.2.14)
      sinatra (~> 1.3)
    parslet (1.4.0)
      blankslate (~> 2.0)
    pdfkit (0.8.7.3)
    pkg-config (1.5.9)
    public_suffix (6.0.1)
    racc (1.8.1)
    rack (1.6.13)
    rack-protection (1.5.5)
      rack
    redcarpet (3.6.0)
    rmagick (6.0.1)
      observer (~> 0.1)
      pkg-config (~> 1.4)
    rouge (0.2.14)
      thor
    sinatra (1.4.8)
      rack (~> 1.5)
      rack-protection (~> 1.4)
      tilt (>= 1.3, < 3)
    thor (1.3.2)
    tilt (2.5.0)
    wkhtmltopdf-binary (0.12.6.8)

PLATFORMS
  ruby

DEPENDENCIES
  parade
  pdfkit
  rmagick
  wkhtmltopdf-binary

BUNDLED WITH
   2.6.2
