GEM
  remote: https://rubygems.org/
  specs:
    addressable (2.3.6)
    blankslate (2.1.2.4)
    css_parser (1.3.5)
      addressable
    gli (1.6.0)
    json (1.8.1)
    levenshtein (0.2.2)
    mini_portile2 (2.4.0)
    nokogiri (1.10.5)
      mini_portile2 (~> 2.4.0)
    parade (0.10.2)
      blankslate (= 2.1.2.4)
      css_parser
      gli (~> 1.6.0)
      json
      nokogiri
      parslet (= 1.4.0)
      redcarpet
      rouge (= 0.2.14)
      sinatra (~> 1.3)
    parslet (1.4.0)
      blankslate (~> 2.0)
    pdfkit (0.6.2)
    rack (1.6.11)
    rack-protection (1.5.5)
      rack
    redcarpet (3.1.2)
    rmagick (2.13.3)
    rouge (0.2.14)
      thor
    sinatra (1.4.5)
      rack (~> 1.4)
      rack-protection (~> 1.4)
      tilt (~> 1.3, >= 1.3.4)
    thor (0.19.1)
    tilt (1.4.1)
    wkhtmltopdf-binary (0.9.9.3)

PLATFORMS
  ruby

DEPENDENCIES
  levenshtein
  parade
  pdfkit
  rmagick
  wkhtmltopdf-binary
